GEM
  remote: https://rubygems.org/
  specs:
    coderay (1.1.3)
    hanami-api (0.2.0)
      hanami-router (~> 2.0.alpha)
    hanami-router (2.0.1)
      mustermann (~> 3.0)
      mustermann-contrib (~> 3.0)
      rack (~> 2.0)
    hansi (0.2.1)
    method_source (1.0.0)
    mini_portile2 (2.8.0)
    minitest (5.16.3)
    mustermann (3.0.0)
      ruby2_keywords (~> 0.0.1)
    mustermann-contrib (3.0.0)
      hansi (~> 0.2.0)
      mustermann (= 3.0.0)
    nio4r (2.5.8)
    pg (1.4.5)
    pry (0.14.1)
      coderay (~> 1.1)
      method_source (~> 1.0)
    puma (6.0.0)
      nio4r (~> 2.0)
    rack (2.2.4)
    rack-test (2.0.2)
      rack (>= 1.3)
    rake (13.0.6)
    ruby2_keywords (0.0.5)
    sequel (5.63.0)
    sqlite3 (1.5.4)
      mini_portile2 (~> 2.8.0)

PLATFORMS
  ruby

DEPENDENCIES
  hanami-api (~> 0.2)
  hanami-router (~> 2.0)
  minitest
  pg
  pry
  puma
  rack-test
  rake
  sequel
  sqlite3

BUNDLED WITH
   2.1.4
