GEM
  remote: http://rubygems.org/
  specs:
    gaston (0.1.1)
    grape (0.2.0)
      hashie (~> 1.2)
      multi_json
      multi_xml
      rack
      rack-mount
    hashie (1.2.0)
    multi_json (1.3.4)
    multi_xml (0.4.4)
    pg (0.13.2)
    rack (1.4.1)
    rack-mount (0.8.3)
      rack (>= 1.0.0)
    sequel (3.35.0)
    sqlite3 (1.3.6)

PLATFORMS
  ruby

DEPENDENCIES
  gaston
  grape
  pg
  rack
  sequel
  sqlite3
