GEM
  remote: https://rubygems.org/
  specs:
    debug (1.7.1)
      irb (>= 1.5.0)
      reline (>= 0.3.1)
    hanami-api (0.3.0)
      hanami-router (~> 2.0)
    hanami-router (2.0.2)
      mustermann (~> 3.0)
      mustermann-contrib (~> 3.0)
      rack (~> 2.0)
    hansi (0.2.1)
    io-console (0.6.0)
    irb (1.6.2)
      reline (>= 0.3.0)
    mini_portile2 (2.8.1)
    minitest (5.16.3)
    mustermann (3.0.0)
      ruby2_keywords (~> 0.0.1)
    mustermann-contrib (3.0.0)
      hansi (~> 0.2.0)
      mustermann (= 3.0.0)
    nio4r (2.5.8)
    pg (1.4.5)
    puma (6.0.1)
      nio4r (~> 2.0)
    rack (2.2.5)
    rack-test (2.0.2)
      rack (>= 1.3)
    rake (13.0.6)
    reline (0.3.2)
      io-console (~> 0.5)
    ruby2_keywords (0.0.5)
    sequel (5.63.0)
    sqlite3 (1.5.4)
      mini_portile2 (~> 2.8.0)

PLATFORMS
  ruby

DEPENDENCIES
  debug (>= 1.0.0)
  hanami-api (~> 0.2)
  hanami-router (~> 2.0)
  minitest
  pg
  puma
  rack-test
  rake
  sequel
  sqlite3

BUNDLED WITH
   2.4.1
