GEM
  remote: https://rubygems.org/
  specs:
    coderay (1.1.3)
    hanami-api (0.1.0)
      hanami-router (~> 2.0.alpha)
    hanami-router (2.0.0.alpha2)
      mustermann (~> 1.0)
      mustermann-contrib (~> 1.0)
      rack (~> 2.0)
    hansi (0.2.0)
    method_source (1.0.0)
    minitest (5.14.1)
    mustermann (1.1.1)
      ruby2_keywords (~> 0.0.1)
    mustermann-contrib (1.1.1)
      hansi (~> 0.2.0)
      mustermann (= 1.1.1)
    pg (1.2.3)
    pry (0.13.1)
      coderay (~> 1.1)
      method_source (~> 1.0)
    rack (2.2.3)
    rack-test (1.1.0)
      rack (>= 1.0, < 3)
    rake (13.0.1)
    ruby2_keywords (0.0.2)
    sequel (5.33.0)
    sqlite3 (1.4.2)

PLATFORMS
  ruby

DEPENDENCIES
  hanami-api (= 0.1.0)
  hanami-router (= 2.0.0.alpha2)
  minitest
  pg
  pry
  rack-test
  rake
  sequel
  sqlite3

BUNDLED WITH
   2.1.4
