GEM
  remote: http://rubygems.org/
  specs:
    activesupport (3.2.13)
      i18n (= 0.6.1)
      multi_json (~> 1.0)
    backports (2.6.7)
    builder (3.2.0)
    descendants_tracker (0.0.1)
    gaston (0.4.1)
      inflecto
    grape (0.4.1)
      activesupport
      builder
      hashie (>= 1.2.0)
      multi_json (>= 1.3.2)
      multi_xml (>= 0.5.2)
      rack (>= 1.3.0)
      rack-accept
      rack-mount
      virtus
    hashie (2.0.5)
    i18n (0.6.1)
    inflecto (0.0.2)
    minitest (4.3.2)
    multi_json (1.7.4)
    multi_xml (0.5.3)
    pg (0.15.1)
    rack (1.5.2)
    rack-accept (0.4.5)
      rack (>= 0.4)
    rack-mount (0.8.3)
      rack (>= 1.0.0)
    rack-test (0.6.2)
      rack (>= 1.0)
    rake (10.0.4)
    sequel (3.47.0)
    sqlite3 (1.3.7)
    virtus (0.5.4)
      backports (~> 2.6.1)
      descendants_tracker (~> 0.0.1)

PLATFORMS
  ruby

DEPENDENCIES
  gaston
  grape
  minitest
  pg
  rack
  rack-test
  rake
  sequel
  sqlite3
